PATH
  remote: .
  specs:
    logstash-output-icinga (0.1.0)
      logstash-codec-plain
      logstash-core-plugin-api (~> 2.0)

GEM
  remote: https://rubygems.org/
  specs:
    chronic_duration (0.10.6)
      numerizer (~> 0.1.1)
    clamp (0.6.5)
    coderay (1.1.1)
    concurrent-ruby (1.0.0-java)
    diff-lcs (1.3)
    ffi (1.9.18-java)
    filesize (0.0.4)
    fivemat (1.3.3)
    gem_publisher (1.5.0)
    gems (0.8.3)
    i18n (0.6.9)
    insist (1.0.0)
    jar-dependencies (0.3.11)
    jrjackson (0.4.2-java)
    jrmonitor (0.4.2)
    jruby-openssl (0.9.16-java)
    kramdown (1.13.2)
    logstash-codec-plain (3.0.2)
      logstash-core-plugin-api (>= 1.60, <= 2.99)
    logstash-core (5.2.1-java)
      chronic_duration (= 0.10.6)
      clamp (~> 0.6.5)
      concurrent-ruby (= 1.0.0)
      filesize (= 0.0.4)
      gems (~> 0.8.3)
      i18n (= 0.6.9)
      jar-dependencies
      jrjackson (~> 0.4.0)
      jrmonitor (~> 0.4.2)
      jruby-openssl (= 0.9.16)
      logstash-core-event-java (= 5.2.1)
      logstash-core-queue-jruby (= 5.2.1)
      minitar (~> 0.5.4)
      pry (~> 0.10.1)
      puma (~> 2.16)
      ruby-maven (~> 3.3.9)
      rubyzip (~> 1.1.7)
      sinatra (~> 1.4, >= 1.4.6)
      stud (~> 0.0.19)
      thread_safe (~> 0.3.5)
      treetop (< 1.5.0)
    logstash-core-event-java (5.2.1-java)
      jar-dependencies
      ruby-maven (~> 3.3.9)
    logstash-core-plugin-api (2.1.23-java)
      logstash-core (= 5.2.1)
    logstash-core-queue-jruby (5.2.1-java)
    logstash-devutils (1.3.1-java)
      fivemat
      gem_publisher
      insist (= 1.0.0)
      kramdown
      logstash-core-plugin-api (>= 2.0, <= 2.99)
      minitar
      rake
      rspec (~> 3.0)
      rspec-wait
      stud (>= 0.0.20)
    method_source (0.8.2)
    minitar (0.5.4)
    numerizer (0.1.1)
    polyglot (0.3.5)
    pry (0.10.4-java)
      coderay (~> 1.1.0)
      method_source (~> 0.8.1)
      slop (~> 3.4)
      spoon (~> 0.0)
    puma (2.16.0-java)
    rack (1.6.5)
    rack-protection (1.5.3)
      rack
    rake (12.0.0)
    rspec (3.5.0)
      rspec-core (~> 3.5.0)
      rspec-expectations (~> 3.5.0)
      rspec-mocks (~> 3.5.0)
    rspec-core (3.5.4)
      rspec-support (~> 3.5.0)
    rspec-expectations (3.5.0)
      diff-lcs (>= 1.2.0, < 2.0)
      rspec-support (~> 3.5.0)
    rspec-mocks (3.5.0)
      diff-lcs (>= 1.2.0, < 2.0)
      rspec-support (~> 3.5.0)
    rspec-support (3.5.0)
    rspec-wait (0.0.9)
      rspec (>= 3, < 4)
    ruby-maven (3.3.12)
      ruby-maven-libs (~> 3.3.9)
    ruby-maven-libs (3.3.9)
    rubyzip (1.1.7)
    sinatra (1.4.8)
      rack (~> 1.5)
      rack-protection (~> 1.4)
      tilt (>= 1.3, < 3)
    slop (3.6.0)
    spoon (0.0.6)
      ffi
    stud (0.0.22)
    thread_safe (0.3.6-java)
    tilt (2.0.7)
    treetop (1.4.15)
      polyglot
      polyglot (>= 0.3.1)

PLATFORMS
  java

DEPENDENCIES
  logstash-devutils
  logstash-output-icinga!

BUNDLED WITH
   1.14.6
